GEM
  remote: https://rubygems.org/
  specs:
    addressable (2.3.5)
    httmultiparty (0.3.10)
      httparty (>= 0.7.3)
      multipart-post
    httparty (0.12.0)
      json (~> 1.8)
      multi_xml (>= 0.5.2)
    json (1.8.1)
    launchy (2.3.0)
      addressable (~> 2.3)
    multi_xml (0.5.5)
    multipart-post (1.2.0)
    terminal-notifier (1.5.1)

PLATFORMS
  ruby

DEPENDENCIES
  httmultiparty (= 0.3.10)
  json (~> 1.8)
  launchy (= 2.3.0)
  terminal-notifier (= 1.5.1)
